GEM
  remote: https://rubygems.org/
  specs:
    coffee-script (2.4.1)
      coffee-script-source
      execjs
    coffee-script-source (1.10.0)
    execjs (2.6.0)
    rake (11.1.2)

PLATFORMS
  ruby

DEPENDENCIES
  coffee-script (~> 2.4)
  rake (~> 11.1)

BUNDLED WITH
   1.11.2
